GEM
  remote: https://rubygems.org/
  specs:
    ArgsParser (1.0.0)
    eventmachine (1.0.7)
    eventmachine_httpserver (0.2.1)
    json (1.8.3)
    memcached (1.8.0)

PLATFORMS
  ruby

DEPENDENCIES
  ArgsParser
  eventmachine
  eventmachine_httpserver
  json
  memcached
